GEM
  remote: https://rubygems.org/
  specs:
    activesupport (5.2.0)
      concurrent-ruby (~> 1.0, >= 1.0.2)
      i18n (>= 0.7, < 2)
      minitest (~> 5.1)
      tzinfo (~> 1.1)
    addressable (2.5.2)
      public_suffix (>= 2.0.2, < 4.0)
    colorator (1.1.0)
    colorize (0.8.1)
    concurrent-ruby (1.0.5)
    domain_name (0.5.20180417)
      unf (>= 0.0.5, < 1.0.0)
    ethon (0.11.0)
      ffi (>= 1.3.0)
    ffi (1.9.25)
    figaro (1.1.1)
      thor (~> 0.14)
    forwardable-extended (2.6.0)
    html-proofer (3.8.0)
      activesupport (>= 4.2, < 6.0)
      addressable (~> 2.3)
      colorize (~> 0.8)
      mercenary (~> 0.3.2)
      nokogiri (~> 1.8.1)
      parallel (~> 1.3)
      typhoeus (~> 1.3)
      yell (~> 2.0)
    http (2.2.2)
      addressable (~> 2.3)
      http-cookie (~> 1.0)
      http-form_data (~> 1.0.1)
      http_parser.rb (~> 0.6.0)
    http-cookie (1.0.3)
      domain_name (~> 0.5)
    http-form_data (1.0.3)
    http_parser.rb (0.6.0)
    i18n (1.0.1)
      concurrent-ruby (~> 1.0)
    jekyll (3.6.3)
      addressable (~> 2.4)
      colorator (~> 1.0)
      jekyll-sass-converter (~> 1.0)
      jekyll-watch (~> 1.1)
      kramdown (~> 1.14)
      liquid (~> 4.0)
      mercenary (~> 0.3.3)
      pathutil (~> 0.9)
      rouge (>= 1.7, < 3)
      safe_yaml (~> 1.0)
    jekyll-crosspost-to-medium (0.1.15)
      http (~> 2.0)
      jekyll (>= 2.0, < 4.0)
      json (~> 2.0)
    jekyll-feed (0.9.3)
      jekyll (~> 3.3)
    jekyll-paginate (1.1.0)
    jekyll-sass-converter (1.5.2)
      sass (~> 3.4)
    jekyll-twitter-plugin (2.0.0)
    jekyll-watch (1.5.1)
      listen (~> 3.0)
    json (2.1.0)
    kramdown (1.17.0)
    liquid (4.0.1)
    listen (3.1.5)
      rb-fsevent (~> 0.9, >= 0.9.4)
      rb-inotify (~> 0.9, >= 0.9.7)
      ruby_dep (~> 1.2)
    mercenary (0.3.6)
    mini_portile2 (2.3.0)
    minitest (5.11.3)
    nokogiri (1.8.2)
      mini_portile2 (~> 2.3.0)
    parallel (1.12.1)
    pathutil (0.16.2)
      forwardable-extended (~> 2.6)
    public_suffix (3.0.3)
    rb-fsevent (0.10.3)
    rb-inotify (0.10.0)
      ffi (~> 1.0)
    rouge (2.2.1)
    ruby_dep (1.5.0)
    safe_yaml (1.0.4)
    sass (3.7.2)
      sass-listen (~> 4.0.0)
    sass-listen (4.0.0)
      rb-fsevent (~> 0.9, >= 0.9.4)
      rb-inotify (~> 0.9, >= 0.9.7)
    thor (0.20.0)
    thread_safe (0.3.6)
    typhoeus (1.3.0)
      ethon (>= 0.9.0)
    tzinfo (1.2.5)
      thread_safe (~> 0.1)
    unf (0.1.4)
      unf_ext
    unf_ext (0.0.7.5)
    yell (2.0.7)

PLATFORMS
  ruby

DEPENDENCIES
  figaro
  html-proofer
  jekyll (>= 3.6.3)
  jekyll-crosspost-to-medium
  jekyll-feed (~> 0.6)
  jekyll-paginate
  jekyll-twitter-plugin
  tzinfo-data

RUBY VERSION
   ruby 2.3.3p222

BUNDLED WITH
   1.16.4
